GIT
  remote: https://github.com/g1nn13/em-timers.git
  revision: c42402a1444a9d9e332c9136881bbec6c4ab23bc
  specs:
    em-timers (0.2.0)
      eventmachine

GIT
  remote: https://github.com/whitehat101/xmpp4r.git
  revision: bb29784f9ebd86c8d0fe243c8bd3f9b1a357f237
  specs:
    xmpp4r (0.5)
      nokogiri
      rdoc (> 2.4.2)

GEM
  remote: https://rubygems.org/
  specs:
    amatch (0.2.10)
      tins (~> 0.3)
    classifier (1.3.1)
      stemmer (>= 1.0.0)
    coderay (1.0.8)
    colored (1.2)
    daemons (1.1.8)
    diff-lcs (1.1.3)
    dinabaztag (0.0.3)
    eventmachine (0.12.10)
    eventmachine (0.12.10-java)
    guard (1.6.1)
      listen (>= 0.6.0)
      lumberjack (>= 1.0.2)
      pry (>= 0.9.10)
      thor (>= 0.14.6)
    guard-bundler (1.0.0)
      bundler (~> 1.0)
      guard (~> 1.1)
    guard-rspec (2.4.0)
      guard (>= 1.1)
      rspec (~> 2.11)
    json (1.7.6)
    json (1.7.6-java)
    listen (0.7.2)
    lumberjack (1.0.2)
    method_source (0.8.1)
    nokogiri (1.5.6)
    nokogiri (1.5.6-java)
    pry (0.9.11.3)
      coderay (~> 1.0.5)
      method_source (~> 0.8)
      slop (~> 3.4)
    pry (0.9.11.3-java)
      coderay (~> 1.0.5)
      method_source (~> 0.8)
      slop (~> 3.4)
      spoon (~> 0.0)
    random_data (1.5.2)
    rb-fsevent (0.9.3)
    rdoc (3.12)
      json (~> 1.4)
    rspec (2.12.0)
      rspec-core (~> 2.12.0)
      rspec-expectations (~> 2.12.0)
      rspec-mocks (~> 2.12.0)
    rspec-core (2.12.2)
    rspec-expectations (2.12.1)
      diff-lcs (~> 1.1.3)
    rspec-mocks (2.12.1)
    slop (3.4.3)
    spoon (0.0.1)
    spork (0.9.2)
    stemmer (1.0.1)
    thor (0.16.0)
    tins (0.3.12)
    twss (0.0.5)
      classifier (= 1.3.1)

PLATFORMS
  java
  ruby

DEPENDENCIES
  amatch
  colored (~> 1.2)
  daemons
  dinabaztag
  em-timers!
  guard-bundler
  guard-rspec
  nokogiri
  random_data
  rb-fsevent (~> 0.9.1)
  rspec
  spork
  twss
  xmpp4r!
